GEM
  remote: http://rubygems.org/
  specs:
    actionpack (2.3.8)
      activesupport (= 2.3.8)
      rack (~> 1.1.0)
    activerecord (2.3.8)
      activesupport (= 2.3.8)
    activesupport (2.3.8)
    rack (1.1.0)
    rspec (1.3.0)
    sqlite3-ruby (1.3.1)

PLATFORMS
  ruby

DEPENDENCIES
  actionpack (= 2.3.8)
  activerecord (= 2.3.8)
  activesupport (= 2.3.8)
  rspec (= 1.3.0)
  sqlite3-ruby
